GEM
  remote: https://rubygems.org/
  specs:
    activerecord (3.2.14)
    activesupport (6.1.7.5)
      concurrent-ruby (~> 1.0, >= 1.0.2)
      i18n (>= 1.6, < 2)
      minitest (>= 5.1)
      tzinfo (~> 2.0)
      zeitwerk (~> 2.3)
    bcrypt (3.1.10)
    coderay (1.1.2)
    concurrent-ruby (1.3.4)
    i18n (1.14.6)
      concurrent-ruby (~> 1.0)
    json (2.3.0)
    kgio (2.11.2)
    method_source (0.9.2)
    minitest (5.25.1)
    mysql2 (0.5.2)
    parallel (1.17.0)
    pry (0.12.2)
      coderay (~> 1.1.0)
      method_source (~> 0.9.0)
    rack (1.6.13)
    rack-protection (1.5.5)
      rack
    raindrops (0.19.0)
    sinatra (1.4.6)
      rack (~> 1.4)
      rack-protection (~> 1.4)
      tilt (>= 1.3, < 3)
    systemu (2.6.5)
    tilt (2.0.9)
    tzinfo (2.0.6)
      concurrent-ruby (~> 1.0)
    unicorn (5.5.1)
      kgio (~> 2.6)
      raindrops (~> 0.7)
    zeitwerk (2.7.1)

PLATFORMS
  ruby

DEPENDENCIES
  activerecord
  bcrypt (= 3.1.10)
  json
  mysql2
  parallel
  pry
  sinatra (= 1.4.6)
  systemu
  unicorn

BUNDLED WITH
   2.0.2
